GEM
  remote: https://rubygems.org/
  specs:
    rack (1.5.2)
    rack-protection (1.5.3)
      rack
    sicuro (0.20.1)
      standalone (~> 0.5.0)
    sinatra (1.4.5)
      rack (~> 1.4)
      rack-protection (~> 1.4)
      tilt (~> 1.3, >= 1.3.4)
    standalone (0.5.0)
    tilt (1.4.1)

PLATFORMS
  ruby

DEPENDENCIES
  sicuro
  sinatra
